PATH
  remote: .
  specs:
    sidekiq-workflow (0.0.0)
      redis (~> 4.3, >= 4.3.1)
      redlock (~> 1.2, >= 1.2.1)
      sidekiq (~> 6.2, >= 6.2.1)

GEM
  remote: https://rubygems.org/
  specs:
    connection_pool (2.2.5)
    diff-lcs (1.4.4)
    rack (2.2.3)
    redis (4.3.1)
    redlock (1.2.1)
      redis (>= 3.0.0, < 5.0)
    rspec (3.10.0)
      rspec-core (~> 3.10.0)
      rspec-expectations (~> 3.10.0)
      rspec-mocks (~> 3.10.0)
    rspec-core (3.10.1)
      rspec-support (~> 3.10.0)
    rspec-expectations (3.10.1)
      diff-lcs (>= 1.2.0, < 2.0)
      rspec-support (~> 3.10.0)
    rspec-mocks (3.10.2)
      diff-lcs (>= 1.2.0, < 2.0)
      rspec-support (~> 3.10.0)
    rspec-support (3.10.2)
    sidekiq (6.2.1)
      connection_pool (>= 2.2.2)
      rack (~> 2.0)
      redis (>= 4.2.0)

PLATFORMS
  x86_64-linux

DEPENDENCIES
  rspec (~> 3.10, >= 3.10.0)
  sidekiq-workflow!

BUNDLED WITH
   2.2.16
